PATH
  remote: .
  specs:
    localeapp-i18n-js (0.0.1a)
      i18n-js
      localeapp

GEM
  remote: http://rubygems.org/
  specs:
    diff-lcs (1.1.3)
    gli (1.5.1)
    i18n (0.6.0)
    i18n-js (2.1.2)
      i18n
    json (1.6.5)
    localeapp (0.4.2)
      gli
      i18n
      json
      rest-client
      ya2yaml
    mime-types (1.17.2)
    rake (0.9.2.2)
    rest-client (1.6.7)
      mime-types (>= 1.16)
    rspec (2.9.0)
      rspec-core (~> 2.9.0)
      rspec-expectations (~> 2.9.0)
      rspec-mocks (~> 2.9.0)
    rspec-core (2.9.0)
    rspec-expectations (2.9.0)
      diff-lcs (~> 1.1.3)
    rspec-mocks (2.9.0)
    ya2yaml (0.31)

PLATFORMS
  ruby

DEPENDENCIES
  localeapp-i18n-js!
  rake
  rspec (~> 2.6)
